GEM
  remote: https://rubygems.org/
  specs:
    childprocess (0.8.0)
      ffi (~> 1.0, >= 1.0.11)
    dotenv (2.2.1)
    ffi (1.9.18-x64-mingw32)
    fileutil (0.0.85)
    jar_wrapper (0.1.8)
      zip
    rubyzip (1.2.1)
    selenium (0.2.11)
      jar_wrapper
    selenium-webdriver (3.7.0)
      childprocess (~> 0.5)
      rubyzip (~> 1.0)
    zip (2.0.2)

PLATFORMS
  x64-mingw32

DEPENDENCIES
  dotenv
  fileutil
  selenium
  selenium-webdriver

BUNDLED WITH
   1.15.4
